PATH
  remote: .
  specs:
    nanoc-coffeescript (1.0.0)
      coffee-script
      nanoc-core

GEM
  remote: https://rubygems.org/
  specs:
    coffee-script (2.2.0)
      coffee-script-source
      execjs
    coffee-script-source (1.6.3)
    execjs (2.0.0)
    minitest (5.0.6)
    nanoc-core (4.0.0a1)
    rake (10.1.0)

PLATFORMS
  ruby

DEPENDENCIES
  bundler
  minitest
  nanoc-coffeescript!
  rake
